PATH
  remote: .
  specs:
    waltz (0.0.1)
      net-scp (>= 1.0.4)
      net-ssh (>= 2.1.4)

GEM
  remote: http://rubygems.org/
  specs:
    diff-lcs (1.1.2)
    net-scp (1.0.4)
      net-ssh (>= 1.99.1)
    net-ssh (2.1.4)
    rspec (2.6.0)
      rspec-core (~> 2.6.0)
      rspec-expectations (~> 2.6.0)
      rspec-mocks (~> 2.6.0)
    rspec-core (2.6.2)
    rspec-expectations (2.6.0)
      diff-lcs (~> 1.1.2)
    rspec-mocks (2.6.0)

PLATFORMS
  ruby

DEPENDENCIES
  rspec
  waltz!
